GEM
  remote: https://rubygems.org/
  specs:
    motion-benchmark (0.0.1)
    rake (10.4.2)

PLATFORMS
  ruby

DEPENDENCIES
  motion-benchmark
  rake
